GEM
  remote: http://rubygems.org/
  specs:
    hoe (2.13.1)
      rake (~> 0.8)
    jruby-rack (1.1.5)
    nokogiri (1.5.2)
    nokogiri (1.5.2-java)
    rack (1.4.1)
    rack-protection (1.2.0)
      rack
    rake (0.9.2.2)
    rake-compiler (0.8.1)
      rake
    sinatra (1.3.2)
      rack (~> 1.3, >= 1.3.6)
      rack-protection (~> 1.2)
      tilt (~> 1.3, >= 1.3.3)
    tilt (1.3.3)
    trinidad (1.3.5)
      jruby-rack (>= 1.1.5)
      trinidad_jars (>= 1.0.2)
    trinidad_jars (1.0.3)

PLATFORMS
  java
  ruby

DEPENDENCIES
  hoe (~> 2.13.0)
  nokogiri (~> 1.5.0)
  rake-compiler (~> 0.8.0)
  sinatra (~> 1.3.2)
  trinidad
